GEM
  remote: https://rubygems.org/
  specs:
    connection_pool (1.1.0)
    diff-lcs (1.2.5)
    eventmachine (1.0.3)
    eventmachine_httpserver (0.2.1)
    hashie (2.0.5)
    httpclient (2.3.4.1)
    logger (1.2.8)
    mysql2 (0.3.14)
    rspec (2.14.1)
      rspec-core (~> 2.14.0)
      rspec-expectations (~> 2.14.0)
      rspec-mocks (~> 2.14.0)
    rspec-core (2.14.7)
    rspec-expectations (2.14.4)
      diff-lcs (>= 1.1.3, < 2.0)
    rspec-mocks (2.14.4)

PLATFORMS
  ruby

DEPENDENCIES
  connection_pool
  eventmachine
  eventmachine_httpserver
  hashie
  httpclient
  logger
  mysql2
  rspec
